PATH
  remote: .
  specs:
    mimicus (0.0.1)
      process
      sysinfo
      uname
      usagewatch
      vmstat

GEM
  remote: https://rubygems.org/
  specs:
    drydock (0.6.9)
    process (0.0.1)
    rake (10.3.2)
    storable (0.8.9)
    sysinfo (0.8.1)
      drydock
      storable
    uname (1.0)
    usagewatch (0.0.7)
    vmstat (2.1.0)

PLATFORMS
  ruby

DEPENDENCIES
  bundler (~> 1.7)
  mimicus!
  rake (~> 10.0)
